GIT
  remote: git://github.com/saulabs/reportable.git
  revision: 7ab93765296ffddba9b6c4ced20188a5136fc6c3
  specs:
    reportable (1.2.0)
      activerecord (>= 3.0)
      activesupport (>= 3.0.0)

GIT
  remote: git://github.com/sudara/guard.git
  revision: c8fa7501e1916efb01cde7e0a7ac44af5aea7fb5
  specs:
    guard (2.0.0.pre)
      formatador (>= 0.2.4)
      guard_listen (>= 1.0.0)
      lumberjack (>= 1.0.2)
      pry (>= 0.9.10)
      thor (>= 0.14.6)

GIT
  remote: git://github.com/sudara/listen.git
  revision: cee854cd87e9ebb12600ee4b8c18cab9d3945c15
  specs:
    guard_listen (1.3.1)
      rb-fsevent (>= 0.9.3)
      rb-inotify (>= 0.9)
      rb-kqueue (>= 0.2)

PATH
  remote: greenfield
  specs:
    greenfield (0.0.1)
      rails (~> 4.1.2)

GEM
  remote: https://rubygems.org/
  specs:
    POpen4 (0.1.4)
      Platform (>= 0.4.0)
      open4
    Platform (0.4.0)
    actionmailer (4.1.2)
      actionpack (= 4.1.2)
      actionview (= 4.1.2)
      mail (~> 2.5.4)
    actionpack (4.1.2)
      actionview (= 4.1.2)
      activesupport (= 4.1.2)
      rack (~> 1.5.2)
      rack-test (~> 0.6.2)
    actionview (4.1.2)
      activesupport (= 4.1.2)
      builder (~> 3.1)
      erubis (~> 2.7.0)
    activemodel (4.1.2)
      activesupport (= 4.1.2)
      builder (~> 3.1)
    activerecord (4.1.2)
      activemodel (= 4.1.2)
      activesupport (= 4.1.2)
      arel (~> 5.0.0)
    activesupport (4.1.2)
      i18n (~> 0.6, >= 0.6.9)
      json (~> 1.7, >= 1.7.7)
      minitest (~> 5.1)
      thread_safe (~> 0.1)
      tzinfo (~> 1.1)
    acts_as_list (0.2.0)
      activerecord (>= 3.0)
    arel (5.0.1.20140414130214)
    authlogic (3.4.2)
      activerecord (>= 3.2)
      activesupport (>= 3.2)
      request_store (~> 1.0)
    awesome_print (1.1.0)
    aws-sdk (1.11.1)
      json (~> 1.4)
      nokogiri (>= 1.4.4)
      uuidtools (~> 2.1)
    builder (3.2.2)
    chunky_png (1.3.1)
    climate_control (0.0.3)
      activesupport (>= 3.0)
    cocaine (0.5.3)
      climate_control (>= 0.0.3, < 1.0)
    coderay (1.1.0)
    coffee-rails (4.0.1)
      coffee-script (>= 2.2.0)
      railties (>= 4.0.0, < 5.0)
    coffee-script (2.2.0)
      coffee-script-source
      execjs
    coffee-script-source (1.6.3)
    colorize (0.7.3)
    compass (0.12.6)
      chunky_png (~> 1.2)
      fssm (>= 0.2.7)
      sass (~> 3.2.19)
    compass-rails (1.1.7)
      compass (>= 0.12.2)
      sprockets (<= 2.11.0)
    country_select (1.2.0)
    daemons (1.1.9)
    database_cleaner (1.4.0)
    diff-lcs (1.2.5)
    diffy (3.0.5)
    dynamic_form (1.1.4)
    erubis (2.7.0)
    eventmachine (1.0.3)
    execjs (2.0.2)
    factory_girl (4.2.0)
      activesupport (>= 3.0.0)
    factory_girl_rails (4.2.1)
      factory_girl (~> 4.2.0)
      railties (>= 3.0.0)
    ffi (1.9.6)
    ffi-compiler (0.1.3)
      ffi (>= 1.0.0)
      rake
    font-awesome-sass (4.2.2)
      sass (~> 3.2)
    formatador (0.2.5)
    fssm (0.2.10)
    gemoji (1.4.0)
    geokit (1.6.5)
      multi_json
    guard-rspec (1.2.1)
      guard (>= 1.1)
    guard-spring (0.0.4)
      guard
      spring
    has_permalink (0.1.6)
    hike (1.2.3)
    i18n (0.7.0)
    jquery-fileupload-rails (0.4.4)
      actionpack (>= 3.1)
      railties (>= 3.1)
      sass (>= 3.2)
    jquery-rails (3.1.0)
      railties (>= 3.0, < 5.0)
      thor (>= 0.14, < 2.0)
    jquery-ui-rails (4.2.1)
      railties (>= 3.2.16)
    json (1.8.2)
    local_time (0.2.0)
      coffee-rails
    lumberjack (1.0.9)
    mail (2.5.4)
      mime-types (~> 1.16)
      treetop (~> 1.4.8)
    method_source (0.8.2)
    mime-types (1.25.1)
    mini_portile (0.5.1)
    minitest (5.5.1)
    multi_json (1.10.1)
    mysql2 (0.3.16)
    newrelic_rpm (3.8.0.218)
    nokogiri (1.6.0)
      mini_portile (~> 0.5.0)
    open4 (1.3.0)
    paperclip (3.5.2)
      activemodel (>= 3.0.0)
      activesupport (>= 3.0.0)
      cocaine (~> 0.5.3)
      mime-types
    perf_check (0.1.18)
      colorize (= 0.7.3)
      diffy (= 3.0.5)
    polyglot (0.3.5)
    protected_attributes (1.0.8)
      activemodel (>= 4.0.1, < 5.0)
    pry (0.10.1)
      coderay (~> 1.1.0)
      method_source (~> 0.8.1)
      slop (~> 3.4)
    puma (2.6.0)
      rack (>= 1.1, < 2.0)
    quiet_assets (1.0.2)
      railties (>= 3.1, < 5.0)
    rack (1.5.2)
    rack-mini-profiler (0.9.1)
      rack (>= 1.1.3)
    rack-test (0.6.3)
      rack (>= 1.0)
    rails (4.1.2)
      actionmailer (= 4.1.2)
      actionpack (= 4.1.2)
      actionview (= 4.1.2)
      activemodel (= 4.1.2)
      activerecord (= 4.1.2)
      activesupport (= 4.1.2)
      bundler (>= 1.3.0, < 2.0)
      railties (= 4.1.2)
      sprockets-rails (~> 2.0)
    railties (4.1.2)
      actionpack (= 4.1.2)
      activesupport (= 4.1.2)
      rake (>= 0.8.7)
      thor (>= 0.18.1, < 2.0)
    rake (10.4.2)
    rakismet (1.3.0)
    rb-fsevent (0.9.4)
    rb-inotify (0.9.5)
      ffi (>= 0.5.0)
    rb-kqueue (0.2.3)
      ffi (>= 0.5.0)
    recaptcha (0.3.5)
    redcarpet (3.0.0)
    request_store (1.0.5)
    rspec-core (3.2.0)
      rspec-support (~> 3.2.0)
    rspec-expectations (3.2.0)
      diff-lcs (>= 1.2.0, < 2.0)
      rspec-support (~> 3.2.0)
    rspec-mocks (3.2.0)
      diff-lcs (>= 1.2.0, < 2.0)
      rspec-support (~> 3.2.0)
    rspec-rails (3.2.0)
      actionpack (>= 3.0, <= 4.2)
      activesupport (>= 3.0, <= 4.2)
      railties (>= 3.0, <= 4.2)
      rspec-core (~> 3.2.0)
      rspec-expectations (~> 3.2.0)
      rspec-mocks (~> 3.2.0)
      rspec-support (~> 3.2.0)
    rspec-support (3.2.1)
    ruby-audio (1.6.1)
    ruby-mp3info (0.8.5)
    sass (3.2.19)
    sass-rails (4.0.3)
      railties (>= 4.0.0, < 5.0)
      sass (~> 3.2.0)
      sprockets (~> 2.8, <= 2.11.0)
      sprockets-rails (~> 2.0)
    scrypt (1.2.1)
      ffi-compiler (>= 0.0.2)
      rake
    simple_form (3.0.2)
      actionpack (~> 4.0)
      activemodel (~> 4.0)
    skylight (0.3.12)
      activesupport (>= 3.0.0)
    slop (3.6.0)
    sometimes (0.0.2)
    soundmanager2-rails (2.97.20130512)
    spring (0.0.10)
    sprockets (2.11.0)
      hike (~> 1.2)
      multi_json (~> 1.0)
      rack (~> 1.0)
      tilt (~> 1.1, != 1.3.0)
    sprockets-rails (2.1.3)
      actionpack (>= 3.0)
      activesupport (>= 3.0)
      sprockets (~> 2.8)
    sqlite3 (1.3.8)
    thin (1.5.1)
      daemons (>= 1.0.9)
      eventmachine (>= 0.12.6)
      rack (>= 1.0.0)
    thor (0.19.1)
    thread_safe (0.3.4)
    tilt (1.4.1)
    timecop (0.6.3)
    treetop (1.4.15)
      polyglot
      polyglot (>= 0.3.1)
    tzinfo (1.2.2)
      thread_safe (~> 0.1)
    uglifier (2.1.1)
      execjs (>= 0.3.0)
      multi_json (~> 1.0, >= 1.0.2)
    uuidtools (2.1.4)
    will_paginate (3.0.5)
    yui-compressor (0.9.6)
      POpen4 (>= 0.1.4)

PLATFORMS
  ruby

DEPENDENCIES
  acts_as_list
  authlogic
  awesome_print
  aws-sdk
  coffee-rails
  compass-rails
  country_select
  database_cleaner
  dynamic_form
  factory_girl_rails
  font-awesome-sass
  gemoji
  geokit
  greenfield!
  guard!
  guard-rspec
  guard-spring
  guard_listen!
  has_permalink
  jquery-fileupload-rails
  jquery-rails
  jquery-ui-rails
  local_time
  mime-types
  mysql2
  newrelic_rpm
  paperclip
  perf_check
  protected_attributes (~> 1.0.6)
  pry
  puma
  quiet_assets
  rack-mini-profiler
  rails (~> 4.1)
  rakismet
  rb-fsevent (~> 0.9.1)
  recaptcha
  redcarpet
  reportable!
  request_store
  rspec-mocks
  rspec-rails
  ruby-audio
  ruby-mp3info
  sass-rails
  scrypt
  simple_form
  skylight
  sometimes
  soundmanager2-rails
  spring
  sqlite3
  thin
  timecop
  uglifier
  will_paginate
  yui-compressor
